GEM
  remote: http://rubygems.org/
  specs:
    dimensions (1.3.0)
    rake (13.0.1)
    rugged (0.28.4.1)
    yajl-ruby (1.4.1)

PLATFORMS
  ruby

DEPENDENCIES
  dimensions
  rake
  rugged
  yajl-ruby (~> 1.4.1)

BUNDLED WITH
   1.17.3
