GEM
  remote: http://rubygems.org/
  specs:
    dimensions (1.2.0)
    rake (10.1.0)
    rugged (0.16.0)
    yajl-ruby (1.3.1)

PLATFORMS
  ruby

DEPENDENCIES
  dimensions
  rake
  rugged
  yajl-ruby (~> 1.3.1)

BUNDLED WITH
   1.11.2
