GEM
  remote: http://rubygems.org/
  specs:
    dimensions (1.3.0)
    rake (12.3.3)
    rugged (0.28.3.1)
    yajl-ruby (1.3.1)

PLATFORMS
  ruby

DEPENDENCIES
  dimensions
  rake
  rugged
  yajl-ruby (~> 1.3.1)

BUNDLED WITH
   1.17.3
